GEM
  remote: https://rubygems.org/
  specs:
    algorithms (1.0.0)

PLATFORMS
  x86_64-darwin-20

DEPENDENCIES
  algorithms

RUBY VERSION
   ruby 3.0.2p107

BUNDLED WITH
   2.2.25
